GIT
  remote: git://github.com/r-gamedev/lita-gamedev-store.git
  revision: ecd66d70b30df12ec9c01806d7594aa5d3a6c732
  branch: master
  specs:
    lita-gamedev-store (0.1.0)
      andand
      lita (>= 4.7)

GIT
  remote: https://github.com/lemtzas/lita-irc
  revision: 1d24544ab415845fe2a1fc34e45f04e0e63a9011
  specs:
    lita-irc (2.0.3)
      cinch (>= 2.0)
      lita (>= 4.0)

GIT
  remote: https://github.com/r-gamedev/lita-gamedev-spam
  revision: a14a11ca115fae85240e052df293557abddc5502
  specs:
    lita-gamedev-spam (0.1.0)
      andand
      bunny
      htmlentities
      lita (>= 4.7)

GEM
  remote: https://rubygems.org/
  specs:
    amq-protocol (2.0.1)
    andand (1.3.3)
    bunny (2.5.1)
      amq-protocol (>= 2.0.1)
    cinch (2.3.2)
    coderay (1.1.1)
    faraday (0.9.2)
      multipart-post (>= 1.2, < 3)
    htmlentities (4.3.4)
    http_router (0.11.2)
      rack (>= 1.0.0)
      url_mount (~> 0.2.1)
    i18n (0.7.0)
    ice_nine (0.11.2)
    lita (4.7.1)
      bundler (>= 1.3)
      faraday (>= 0.8.7)
      http_router (>= 0.11.2)
      i18n (>= 0.6.9)
      ice_nine (>= 0.11.0)
      multi_json (>= 1.7.7)
      puma (>= 2.7.1)
      rack (>= 1.5.2, < 2.0.0)
      rb-readline (>= 0.5.1)
      redis-namespace (>= 1.3.0)
      thor (>= 0.18.1)
    method_source (0.8.2)
    multi_json (1.12.1)
    multipart-post (2.0.0)
    pry (0.10.4)
      coderay (~> 1.1.0)
      method_source (~> 0.8.1)
      slop (~> 3.4)
    puma (3.6.0)
    rack (1.6.4)
    rb-readline (0.5.3)
    redis (3.3.1)
    redis-namespace (1.5.2)
      redis (~> 3.0, >= 3.0.4)
    slop (3.6.0)
    thor (0.19.1)
    url_mount (0.2.1)
      rack

PLATFORMS
  ruby

DEPENDENCIES
  andand
  lita
  lita-gamedev-spam!
  lita-gamedev-store!
  lita-irc!
  pry
  redis (~> 3.2)

BUNDLED WITH
   1.13.1
